PATH
  remote: .
  specs:
    foursquarb (0.0.1)
      hashie (>= 0.1.8)
      httparty (>= 0.4.3)
      multi_json
      oauth2 (>= 0.1.0)
      yajl-ruby

GEM
  remote: http://rubygems.org/
  specs:
    addressable (2.2.2)
    crack (0.1.8)
    faraday (0.5.3)
      addressable (~> 2.2.2)
      multipart-post (~> 1.0.1)
      rack (>= 1.1.0, < 2)
    hashie (0.4.0)
    httparty (0.6.1)
      crack (= 0.1.8)
    multi_json (0.0.5)
    multipart-post (1.0.1)
    oauth2 (0.1.0)
      faraday (~> 0.5.0)
      multi_json (~> 0.0.4)
    rack (1.2.1)
    rake (0.8.7)
    rspec (1.3.1)
    yajl-ruby (0.7.8)

PLATFORMS
  ruby

DEPENDENCIES
  foursquarb!
  hashie (>= 0.1.8)
  httparty (>= 0.4.3)
  multi_json
  oauth2 (>= 0.1.0)
  rake
  rspec (~> 1.3.1)
  yajl-ruby
